GEM
  specs:
    language_server-protocol (3.17.0.2)
    prettier_print (1.2.0)
    ruby-lsp (0.3.8)
      language_server-protocol (~> 3.17.0)
      sorbet-runtime
      syntax_tree (>= 5.0.0, < 6)
    sorbet-runtime (0.5.10626)
    syntax_tree (5.2.0)
      prettier_print (>= 1.2.0)

PLATFORMS
  x86_64-linux

DEPENDENCIES
  ruby-lsp

BUNDLED WITH
   2.3.26
